GEM
  remote: https://rubygems.org/
  specs:
    mini_portile2 (2.8.5)
    nokogiri (1.16.0)
      mini_portile2 (~> 2.8.2)
      racc (~> 1.4)
    racc (1.7.3)

PLATFORMS
  ruby

DEPENDENCIES
  nokogiri

RUBY VERSION
   ruby 3.1.2p20

BUNDLED WITH
   2.3.7
